GEM
  remote: https://rubygems.org/
  specs:
    minitest (5.20.0)
    minitest-spec (0.0.2.1)
      minitest (>= 3.0)
    rake (13.0.6)

PLATFORMS
  aarch64-linux

DEPENDENCIES
  minitest
  minitest-spec
  rake

BUNDLED WITH
   2.4.10
